GEM
  remote: https://rubygems.org/
  specs:
    bcrypt (3.1.16)
    database_cleaner-core (2.0.1)
    database_cleaner-sequel (2.0.0)
      database_cleaner-core (~> 2.0.0)
      sequel
    diff-lcs (1.4.4)
    erubis (2.7.0)
    pg (0.18.4)
    rack (2.2.3)
    rack-protection (1.5.5)
      rack
    rack-test (1.1.0)
      rack (>= 1.0, < 3)
    rack_csrf (2.5.0)
      rack (>= 1.1.0)
    roda (3.0.0)
      rack
    rspec (3.10.0)
      rspec-core (~> 3.10.0)
      rspec-expectations (~> 3.10.0)
      rspec-mocks (~> 3.10.0)
    rspec-core (3.10.1)
      rspec-support (~> 3.10.0)
    rspec-expectations (3.10.1)
      diff-lcs (>= 1.2.0, < 2.0)
      rspec-support (~> 3.10.0)
    rspec-mocks (3.10.2)
      diff-lcs (>= 1.2.0, < 2.0)
      rspec-support (~> 3.10.0)
    rspec-support (3.10.2)
    sequel (4.21.0)
    tilt (2.0.10)

PLATFORMS
  ruby

DEPENDENCIES
  bcrypt (~> 3.1.10)
  database_cleaner-sequel
  erubis (~> 2.7.0)
  pg (~> 0.18.4)
  rack-protection (~> 1.5.3)
  rack-test
  rack_csrf (~> 2.5.0)
  roda (~> 3.0.0)
  rspec
  sequel (~> 4.21.0)
  tilt (~> 2.0.1)

BUNDLED WITH
   1.11.2
