GEM
  remote: https://rubygems.org/
  specs:
    erubis (2.7.0)
    pg (0.18.4)
    rack (2.2.3)
    roda (2.1.0)
      rack
    sequel (4.21.0)
    tilt (2.0.10)

PLATFORMS
  ruby

DEPENDENCIES
  erubis (~> 2.7.0)
  pg (~> 0.18.4)
  roda (~> 2.1.0)
  sequel (~> 4.21.0)
  tilt (~> 2.0.1)

BUNDLED WITH
   1.11.2
